PATH
  remote: .
  specs:
    azure (0.7.10)
      addressable (~> 2.3)
      faraday (~> 1.0)
      faraday_middleware (~> 1.0)
      mime-types (>= 1, < 4.0)
      nokogiri (~> 1.6)
      systemu (~> 2.6)
      thor (~> 0.19)

GEM
  remote: https://rubygems.org/
  specs:
    addressable (2.7.0)
      public_suffix (>= 2.0.2, < 5.0)
    ansi (1.5.0)
    builder (3.2.4)
    dotenv (2.7.6)
    faraday (1.4.2)
      faraday-em_http (~> 1.0)
      faraday-em_synchrony (~> 1.0)
      faraday-excon (~> 1.1)
      faraday-net_http (~> 1.0)
      faraday-net_http_persistent (~> 1.1)
      multipart-post (>= 1.2, < 3)
      ruby2_keywords (>= 0.0.4)
    faraday-em_http (1.0.0)
    faraday-em_synchrony (1.0.0)
    faraday-excon (1.1.0)
    faraday-net_http (1.0.1)
    faraday-net_http_persistent (1.1.0)
    faraday_middleware (1.0.0)
      faraday (~> 1.0)
    mime-types (3.3.1)
      mime-types-data (~> 3.2015)
    mime-types-data (3.2021.0225)
    minitest (5.14.4)
    minitest-reporters (1.4.3)
      ansi
      builder
      minitest (>= 5.0)
      ruby-progressbar
    mocha (1.12.0)
    multipart-post (2.1.1)
    nokogiri (1.11.7-x86_64-darwin)
      racc (~> 1.4)
    public_suffix (4.0.6)
    racc (1.5.2)
    rake (10.5.0)
    ruby-progressbar (1.11.0)
    ruby2_keywords (0.0.4)
    systemu (2.6.5)
    thor (0.20.3)
    timecop (0.9.4)
    vcr (3.0.3)
    yard (0.9.26)

PLATFORMS
  x86_64-darwin-18

DEPENDENCIES
  azure!
  dotenv (~> 2.0)
  minitest (~> 5)
  minitest-reporters (~> 1)
  mocha (~> 1.0)
  rake (~> 10.0)
  timecop (~> 0.7)
  vcr (~> 3.0)
  yard (~> 0.8)

BUNDLED WITH
   2.2.13
